GEM
  remote: http://rubygems.org/
  specs:
    builder (3.1.3)
    markaby (0.7.2)
      builder (>= 2.0.0)

PLATFORMS
  ruby

DEPENDENCIES
  markaby
