GEM
  remote: http://rubygems.org/
  specs:
    RedCloth (4.2.9)
    activesupport (3.2.8)
      i18n (~> 0.6)
      multi_json (~> 1.0)
    builder (3.1.3)
    daemons (1.1.9)
    eventmachine (1.0.0)
    hpricot (0.8.4)
    i18n (0.6.1)
    markaby (0.7.2)
      builder (>= 2.0.0)
    multi_json (1.3.6)
    rack (2.0.8)
    rake (0.9.2.2)
    rspec (1.3.0)
    thin (1.5.0)
      daemons (>= 1.0.9)
      eventmachine (>= 0.12.6)
      rack (>= 1.0.0)

PLATFORMS
  ruby

DEPENDENCIES
  RedCloth
  activesupport
  hpricot
  markaby
  rake
  rspec (= 1.3.0)
  thin
