GEM
  remote: http://rubygems.org/
  specs:
    RedCloth (4.2.9)
    activesupport (6.1.7.1)
      concurrent-ruby (~> 1.0, >= 1.0.2)
      i18n (>= 1.6, < 2)
      minitest (>= 5.1)
      tzinfo (~> 2.0)
      zeitwerk (~> 2.3)
    builder (3.1.3)
    concurrent-ruby (1.1.10)
    daemons (1.1.9)
    eventmachine (1.0.0)
    hpricot (0.8.4)
    i18n (1.12.0)
      concurrent-ruby (~> 1.0)
    markaby (0.7.2)
      builder (>= 2.0.0)
    minitest (5.17.0)
    rack (1.4.1)
    rake (0.9.2.2)
    rspec (1.3.0)
    thin (1.5.0)
      daemons (>= 1.0.9)
      eventmachine (>= 0.12.6)
      rack (>= 1.0.0)
    tzinfo (2.0.5)
      concurrent-ruby (~> 1.0)
    zeitwerk (2.6.6)

PLATFORMS
  ruby

DEPENDENCIES
  RedCloth
  activesupport
  hpricot
  markaby
  rake
  rspec (= 1.3.0)
  thin
